GEM
  remote: https://rubygems.org/
  specs:
    minitest (5.16.2)
    rake (13.0.6)

PLATFORMS
  x86_64-linux

DEPENDENCIES
  minitest
  rake

RUBY VERSION
   ruby 3.0.4p208

BUNDLED WITH
   2.2.33
